GIT
  remote: https://github.com/hovancik/middleman-github-deploy.git
  revision: 52d3f314c835af5fb6d9a3ac443c79f347d766fd
  specs:
    mgd (0.1.1)
      middleman (>= 3.0.0)
      trollop (= 2.1.2)

GEM
  remote: https://rubygems.org/
  specs:
    activesupport (3.2.13)
      i18n (= 0.6.1)
      multi_json (~> 1.0)
    builder (3.0.4)
    chunky_png (1.2.8)
    coffee-script (2.2.0)
      coffee-script-source
      execjs
    coffee-script-source (1.3.3)
    compass (0.12.2)
      chunky_png (~> 1.2)
      fssm (>= 0.2.7)
      sass (~> 3.1)
    execjs (1.4.0)
      multi_json (~> 1.0)
    ffi (1.9.18)
    fssm (0.2.10)
    haml (4.0.3)
      tilt
    hike (1.2.3)
    http_router (0.10.2)
      rack (>= 1.0.0)
      url_mount (~> 0.2.1)
    i18n (0.6.1)
    listen (0.7.3)
    maruku (0.6.1)
      syntax (>= 1.0.0)
    middleman (3.0.14)
      middleman-core (= 3.0.14)
      middleman-more (= 3.0.14)
      middleman-sprockets (~> 3.1.0)
    middleman-blog (3.1.1)
      maruku (~> 0.6.0)
      middleman-core (~> 3.0.1)
      tzinfo (~> 0.3.0)
    middleman-core (3.0.14)
      activesupport (~> 3.2.6)
      bundler (~> 1.1)
      listen (~> 0.7.3)
      rack (~> 1.4.1)
      rack-test (~> 0.6.1)
      rb-fsevent (~> 0.9.3)
      thor (~> 0.15.4)
      tilt (~> 1.3.6)
    middleman-more (3.0.14)
      coffee-script (~> 2.2.0)
      coffee-script-source (~> 1.3.3)
      compass (>= 0.12.2)
      execjs (~> 1.4.0)
      haml (>= 3.1.6)
      i18n (~> 0.6.0, < 0.6.2)
      maruku (~> 0.6.0)
      middleman-core (= 3.0.14)
      padrino-helpers (= 0.10.7)
      sass (>= 3.1.20)
      uglifier (~> 1.2.6)
    middleman-sprockets (3.1.4)
      middleman-core (>= 3.0.14)
      middleman-more (>= 3.0.14)
      sprockets (~> 2.1)
      sprockets-helpers (~> 1.0.0)
      sprockets-sass (~> 1.0.0)
    multi_json (1.8.1)
    padrino-core (0.10.7)
      activesupport (~> 3.2.0)
      http_router (~> 0.10.2)
      sinatra (~> 1.3.1)
      thor (~> 0.15.2)
      tilt (~> 1.3.0)
    padrino-helpers (0.10.7)
      i18n (~> 0.6)
      padrino-core (= 0.10.7)
    puma (2.6.0)
      rack (>= 1.1, < 2.0)
    rack (1.4.5)
    rack-contrib (1.1.0)
      rack (>= 0.9.1)
    rack-protection (1.5.0)
      rack
    rack-test (0.6.2)
      rack (>= 1.0)
    rb-fsevent (0.9.3)
    rb-inotify (0.9.10)
      ffi (>= 0.5.0, < 2)
    sass (3.2.12)
    sinatra (1.3.6)
      rack (~> 1.4)
      rack-protection (~> 1.3)
      tilt (~> 1.3, >= 1.3.3)
    sprockets (2.10.0)
      hike (~> 1.2)
      multi_json (~> 1.0)
      rack (~> 1.0)
      tilt (~> 1.1, != 1.3.0)
    sprockets-helpers (1.0.1)
      sprockets (~> 2.0)
    sprockets-sass (1.0.2)
      sprockets (~> 2.0)
      tilt (~> 1.1)
    syntax (1.0.0)
    thor (0.15.4)
    tilt (1.3.7)
    trollop (2.1.2)
    tzinfo (0.3.38)
    uglifier (1.2.7)
      execjs (>= 0.3.0)
      multi_json (~> 1.3)
    url_mount (0.2.1)
      rack

PLATFORMS
  ruby

DEPENDENCIES
  builder (~> 3.0.0)
  mgd!
  middleman (~> 3.0.14)
  middleman-blog (~> 3.1.1)
  puma
  rack-contrib
  rb-inotify (~> 0.9)

RUBY VERSION
   ruby 2.2.8p477

BUNDLED WITH
   1.15.4
